GEM
  remote: https://rubygems.org/
  specs:
    bcrypt_pbkdf (1.1.0)
    ed25519 (1.3.0)
    ethon (0.15.0)
      ffi (>= 1.15.0)
    ffi (1.15.5)
    net-scp (4.0.0.rc1)
      net-ssh (>= 2.6.5, < 8.0.0)
    net-ssh (7.0.1)
    typhoeus (1.4.0)
      ethon (>= 0.9.0)
    x25519 (1.0.9)

PLATFORMS
  ruby

DEPENDENCIES
  bcrypt_pbkdf
  ed25519
  net-scp (~> 4.0.0.rc1)
  net-ssh (~> 7.0.0beta1)
  typhoeus
  x25519

BUNDLED WITH
   2.1.4
